GEM
  remote: https://rubygems.org/
  specs:
    ast (2.4.2)
    aws-eventstream (1.1.1)
    aws-partitions (1.485.0)
    aws-sdk-core (3.119.0)
      aws-eventstream (~> 1, >= 1.0.2)
      aws-partitions (~> 1, >= 1.239.0)
      aws-sigv4 (~> 1.1)
      jmespath (~> 1.0)
    aws-sdk-kms (1.46.0)
      aws-sdk-core (~> 3, >= 3.119.0)
      aws-sigv4 (~> 1.1)
    aws-sdk-s3 (1.98.0)
      aws-sdk-core (~> 3, >= 3.119.0)
      aws-sdk-kms (~> 1)
      aws-sigv4 (~> 1.1)
    aws-sigv4 (1.2.4)
      aws-eventstream (~> 1, >= 1.0.2)
    jmespath (1.4.0)
    nokogiri (1.12.3-x86_64-linux)
      racc (~> 1.4)
    onlyoffice_file_helper (0.4.0)
      onlyoffice_logger_helper (~> 1)
      rubyzip (~> 2)
    onlyoffice_logger_helper (1.1.0)
    onlyoffice_s3_wrapper (0.4.0)
      aws-sdk-s3 (~> 1)
      onlyoffice_file_helper (~> 0)
    ooxml_parser (0.14.1)
      nokogiri (~> 1)
      ruby-filemagic (~> 0)
      rubyzip (~> 2)
    parallel (1.20.1)
    parser (3.0.2.0)
      ast (~> 2.4.1)
    racc (1.5.2)
    rainbow (3.0.0)
    rake (13.0.6)
    regexp_parser (2.1.1)
    rexml (3.2.5)
    rubocop (1.18.4)
      parallel (~> 1.10)
      parser (>= 3.0.0.0)
      rainbow (>= 2.2.2, < 4.0)
      regexp_parser (>= 1.8, < 3.0)
      rexml
      rubocop-ast (>= 1.8.0, < 2.0)
      ruby-progressbar (~> 1.7)
      unicode-display_width (>= 1.4.0, < 3.0)
    rubocop-ast (1.9.0)
      parser (>= 3.0.1.1)
    ruby-filemagic (0.7.2)
    ruby-progressbar (1.11.0)
    rubyzip (2.3.2)
    unicode-display_width (2.0.0)
    webrick (1.7.0)

PLATFORMS
  x86_64-linux

DEPENDENCIES
  onlyoffice_s3_wrapper
  ooxml_parser
  rake
  rubocop
  webrick

BUNDLED WITH
   2.2.22
