GEM
  remote: https://rubygems.org/
  specs:
    aws-eventstream (1.1.1)
    aws-partitions (1.485.0)
    aws-sdk-core (3.119.0)
      aws-eventstream (~> 1, >= 1.0.2)
      aws-partitions (~> 1, >= 1.239.0)
      aws-sigv4 (~> 1.1)
      jmespath (~> 1.0)
    aws-sdk-kms (1.46.0)
      aws-sdk-core (~> 3, >= 3.119.0)
      aws-sigv4 (~> 1.1)
    aws-sdk-s3 (1.80.0)
      aws-sdk-core (~> 3, >= 3.104.3)
      aws-sdk-kms (~> 1)
      aws-sigv4 (~> 1.1)
    aws-sigv4 (1.2.4)
      aws-eventstream (~> 1, >= 1.0.2)
    jmespath (1.4.0)
    nokogiri (1.12.3-x86_64-linux)
      racc (~> 1.4)
    onlyoffice_file_helper (0.3.0)
      onlyoffice_logger_helper (~> 1)
      rubyzip (>= 1, < 3)
    onlyoffice_logger_helper (1.1.0)
    onlyoffice_s3_wrapper (0.3.0)
      aws-sdk-s3 (= 1.80.0)
      onlyoffice_file_helper (= 0.3.0)
    ooxml_parser (0.14.1)
      nokogiri (~> 1)
      ruby-filemagic (~> 0)
      rubyzip (~> 2)
    racc (1.5.2)
    ruby-filemagic (0.7.2)
    rubyzip (2.3.2)
    webrick (1.7.0)

PLATFORMS
  x86_64-linux

DEPENDENCIES
  onlyoffice_s3_wrapper (= 0.3.0)
  ooxml_parser
  webrick

BUNDLED WITH
   2.2.22
